PATH
  remote: .
  specs:
    pundit_clone (0.1.0)

GEM
  remote: https://rubygems.org/
  specs:
    minitest (5.18.0)
    rake (13.0.6)

PLATFORMS
  arm64-darwin-21

DEPENDENCIES
  minitest (~> 5.0)
  pundit_clone!
  rake (~> 13.0)

BUNDLED WITH
   2.4.13
